GEM
  remote: https://rubygems.org/
  specs:
    addressable (2.3.8)
    css_parser (1.3.6)
      addressable

PLATFORMS
  ruby

DEPENDENCIES
  css_parser

BUNDLED WITH
   1.10.6
